PATH
  remote: .
  specs:
    amistad (2.0.0)

GEM
  remote: http://rubygems.org/
  specs:
    activemodel (3.2.22.2)
      activesupport (= 3.2.22.2)
      builder (~> 3.0.0)
    activerecord (3.2.22.2)
      activemodel (= 3.2.22.2)
      activesupport (= 3.2.22.2)
      arel (~> 3.0.2)
      tzinfo (~> 0.3.29)
    activesupport (3.2.22.2)
      i18n (~> 0.6, >= 0.6.4)
      multi_json (~> 1.0)
    arel (3.0.3)
    awesome_print (1.7.0)
    builder (3.0.4)
    database_cleaner (1.5.3)
    diff-lcs (1.2.5)
    fuubar (2.0.0)
      rspec (~> 3.0)
      ruby-progressbar (~> 1.4)
    i18n (0.7.0)
    multi_json (1.12.1)
    mysql2 (0.3.21)
    pg (0.18.4)
    rake (11.2.2)
    rspec (3.5.0)
      rspec-core (~> 3.5.0)
      rspec-expectations (~> 3.5.0)
      rspec-mocks (~> 3.5.0)
    rspec-core (3.5.1)
      rspec-support (~> 3.5.0)
    rspec-expectations (3.5.0)
      diff-lcs (>= 1.2.0, < 2.0)
      rspec-support (~> 3.5.0)
    rspec-mocks (3.5.0)
      diff-lcs (>= 1.2.0, < 2.0)
      rspec-support (~> 3.5.0)
    rspec-support (3.5.0)
    ruby-progressbar (1.8.1)
    sqlite3 (1.3.11)
    tzinfo (0.3.51)

PLATFORMS
  ruby

DEPENDENCIES
  activerecord (= 3.2.22.2)
  amistad!
  awesome_print
  bundler
  database_cleaner
  fuubar
  mysql2 (~> 0.3.11)
  pg
  rake
  rspec
  sqlite3

BUNDLED WITH
   1.12.5
